GEM
  remote: https://rubygems.org/
  specs:
    activesupport (7.0.3.1)
      concurrent-ruby (~> 1.0, >= 1.0.2)
      i18n (>= 1.6, < 2)
      minitest (>= 5.1)
      tzinfo (~> 2.0)
    byebug (11.1.3)
    coderay (1.1.2)
    colorize (0.8.1)
    concurrent-ruby (1.1.10)
    i18n (1.12.0)
      concurrent-ruby (~> 1.0)
    method_source (1.0.0)
    minitest (5.16.2)
    pry (0.13.1)
      coderay (~> 1.1)
      method_source (~> 1.0)
    pry-byebug (3.9.0)
      byebug (~> 11.0)
      pry (~> 0.13.0)
    time_difference (0.5.0)
      activesupport
    tzinfo (2.0.5)
      concurrent-ruby (~> 1.0)
    whois (5.0.1)
    whois-parser (1.2.0)
      activesupport (>= 4)
      whois (>= 4.0.7)

PLATFORMS
  ruby

DEPENDENCIES
  colorize (~> 0.8.1)
  pry-byebug (~> 3.9)
  time_difference (~> 0.5.0)
  whois (~> 5.0)
  whois-parser (~> 1.2)

BUNDLED WITH
   2.1.4
